GEM
  remote: https://rubygems.org/
  specs:
    addressable (2.8.1)
      public_suffix (>= 2.0.2, < 6.0)
    public_suffix (4.0.7)

PLATFORMS
  ruby

DEPENDENCIES
  addressable

BUNDLED WITH
   1.17.3
